GEM
  remote: https://rubygems.org/
  specs:
    addressable (2.3.7)
    buftok (0.2.0)
    chatterbot (0.9.3)
      colorize (>= 0.7.3)
      launchy (>= 2.4.2)
      oauth (>= 0.4.7)
      twitter (= 5.8.0)
    colorize (0.7.5)
    equalizer (0.0.10)
    faraday (0.9.1)
      multipart-post (>= 1.2, < 3)
    faraday_middleware (0.9.1)
      faraday (>= 0.7.4, < 0.10)
    google-search (1.0.3)
      json
    htmlentities (4.3.3)
    http (0.5.1)
      http_parser.rb
    http_parser.rb (0.6.0)
    httparty (0.13.3)
      json (~> 1.8)
      multi_xml (>= 0.5.2)
    json (1.8.2)
    launchy (2.4.3)
      addressable (~> 2.3)
    memoizable (0.4.2)
      thread_safe (~> 0.3, >= 0.3.1)
    mime-types (2.4.3)
    multi_xml (0.5.5)
    multipart-post (2.0.0)
    naught (1.0.0)
    oauth (0.4.7)
    simple_oauth (0.2.0)
    thread_safe (0.3.5)
    tumblr_client (0.8.5)
      faraday (~> 0.9.0)
      faraday_middleware (~> 0.9.0)
      json
      mime-types
      oauth
      simple_oauth
    twitter (5.8.0)
      addressable (~> 2.3)
      buftok (~> 0.2.0)
      equalizer (~> 0.0.9)
      faraday (~> 0.9.0)
      http (~> 0.5.0)
      http_parser.rb (~> 0.6.0)
      json (~> 1.8)
      memoizable (~> 0.4.0)
      naught (~> 1.0)
      simple_oauth (~> 0.2.0)

PLATFORMS
  ruby

DEPENDENCIES
  chatterbot
  google-search
  htmlentities
  httparty
  tumblr_client
